PATH
  remote: .
  specs:
    beacon_attached (1.3.4)

GEM
  remote: https://rubygems.org/
  specs:
    sqlite3 (1.3.10)

PLATFORMS
  ruby

DEPENDENCIES
  beacon_attached!
  sqlite3
